PATH
  remote: .
  specs:
    boleto_bancario (0.0.2.beta)
      activemodel (~> 4.1.0)
      activesupport (~> 4.1.8)
      barby
      rake

GEM
  remote: http://rubygems.org/
  specs:
    activemodel (4.1.8)
      activesupport (= 4.1.8)
      builder (~> 3.1)
    activesupport (4.1.8)
      i18n (~> 0.6, >= 0.6.9)
      json (~> 1.7, >= 1.7.7)
      minitest (~> 5.1)
      thread_safe (~> 0.1)
      tzinfo (~> 1.1)
    barby (0.5.1)
    builder (3.2.2)
    coderay (1.1.0)
    diff-lcs (1.2.5)
    docile (1.1.3)
    i18n (0.6.11)
    json (1.8.1)
    method_source (0.8.2)
    minitest (5.4.3)
    multi_json (1.10.1)
    pry (0.9.12.6)
      coderay (~> 1.0)
      method_source (~> 0.8)
      slop (~> 3.4)
    rake (10.4.2)
    rspec (2.14.1)
      rspec-core (~> 2.14.0)
      rspec-expectations (~> 2.14.0)
      rspec-mocks (~> 2.14.0)
    rspec-core (2.14.8)
    rspec-expectations (2.14.5)
      diff-lcs (>= 1.1.3, < 2.0)
    rspec-mocks (2.14.6)
    simplecov (0.8.2)
      docile (~> 1.1.0)
      multi_json
      simplecov-html (~> 0.8.0)
    simplecov-html (0.8.0)
    slop (3.5.0)
    thread_safe (0.3.4)
    tzinfo (1.2.2)
      thread_safe (~> 0.1)
    valid_attribute (1.3.1)
    yard (0.8.7.4)

PLATFORMS
  ruby

DEPENDENCIES
  boleto_bancario!
  pry (~> 0.9)
  rspec (~> 2.13)
  simplecov (~> 0.2)
  simplecov-html (~> 0.7)
  valid_attribute (~> 1.3)
  yard
